GEM
  remote: https://rubygems.org/
  specs:
    coderay (1.1.0)
    metaclass (0.0.4)
    method_source (0.8.2)
    minitest (5.4.2)
    mocha (1.1.0)
      metaclass (~> 0.0.1)
    pry (0.10.1)
      coderay (~> 1.1.0)
      method_source (~> 0.8.1)
      slop (~> 3.4)
    slop (3.6.0)

PLATFORMS
  ruby

DEPENDENCIES
  minitest (~> 5.4.2)
  mocha (~> 1.1.0)
  pry
